GIT
  remote: https://github.com/johnbintz/jasmine-headless-webkit.git
  revision: d038a748ed18bb1c83235f77c70a97672a0f1914
  specs:
    jasmine-headless-webkit (0.8.1)
      coffee-script
      jasmine-core (~> 1.1)
      multi_json
      rainbow
      sprockets (~> 2)

GEM
  remote: http://rubygems.org/
  specs:
    coffee-script (2.2.0)
      coffee-script-source
      execjs
    coffee-script-source (1.1.3)
    execjs (1.2.9)
      multi_json (~> 1.0)
    guard (0.8.8)
      thor (~> 0.14.6)
    guard-jasmine-headless-webkit (0.3.2)
      guard (>= 0.4.0)
      jasmine-headless-webkit (>= 0.7.0)
    hike (1.2.1)
    jasmine-core (1.1.0)
    multi_json (1.0.4)
    rack (1.3.5)
    rainbow (1.1.2)
    rb-fsevent (0.4.3.1)
    sprockets (2.1.2)
      hike (~> 1.2)
      rack (~> 1.0)
      tilt (~> 1.1, != 1.3.0)
    thor (0.14.6)
    tilt (1.3.3)

PLATFORMS
  ruby

DEPENDENCIES
  guard-jasmine-headless-webkit
  jasmine-headless-webkit!
  rb-fsevent
